GEM
  remote: https://rubygems.org/
  specs:
    connection_pool (2.2.2)
    mustermann (2.0.2)
      ruby2_keywords (~> 0.0.1)
    poker-ranking (1.1.5)
    rack (2.2.4)
    rack-protection (2.2.3)
      rack
    redis (4.1.3)
    ruby2_keywords (0.0.5)
    sidekiq (6.0.5)
      connection_pool (>= 2.2.2)
      rack (~> 2.0)
      rack-protection (>= 2.0.0)
      redis (>= 4.1.0)
    sinatra (2.2.3)
      mustermann (~> 2.0)
      rack (~> 2.2)
      rack-protection (= 2.2.3)
      tilt (~> 2.0)
    tilt (2.0.11)

PLATFORMS
  ruby

DEPENDENCIES
  poker-ranking
  sidekiq
  sinatra

RUBY VERSION
   ruby 2.7.0p0

BUNDLED WITH
   2.1.2
